{
	"Modality": "MR",
	"MagneticFieldStrength": 3,
	"ImagingFrequency": 123.231,
	"Manufacturer": "Siemens",
	"ManufacturersModelName": "Prisma_fit",
	"InstitutionName": "Strong Memorial Hospital",
	"InstitutionalDepartmentName": "Department",
	"InstitutionAddress": "Elmwood Street 430,Rochester,Northeast,US,14620",
	"DeviceSerialNumber": "167029",
	"StationName": "MRC35067",
	"BodyPartExamined": "BRAIN",
	"PatientPosition": "HFS",
	"ProcedureStepDescription": "4727^brain",
	"SoftwareVersions": "syngo MR E11",
	"MRAcquisitionType": "2D",
	"SeriesDescription": "rest_ep2d_bold_MB8_2mm",
	"ProtocolName": "rest_ep2d_bold_MB8_2mm",
	"ScanningSequence": "EP",
	"SequenceVariant": "SK",
	"ScanOptions": "FS",
	"SequenceName": "*epfid2d1_128",
	"ImageType": ["ORIGINAL", "PRIMARY", "M", "ND", "NORM", "MOSAIC"],
	"SeriesNumber": 14,
	"AcquisitionTime": "10:55:1.922500",
	"AcquisitionNumber": 1,
	"SliceThickness": 2,
	"SpacingBetweenSlices": 2,
	"SAR": 0.0737488,
	"EchoTime": 0.044,
	"RepetitionTime": 1.01,
	"FlipAngle": 70,
	"PartialFourier": 1,
	"BaseResolution": 128,
	"ShimSetting": [
		186,
		-3777,
		11807,
		371,
		-3,
		-82,
		101,
		11	],
	"TxRefAmp": 211.271,
	"PhaseResolution": 1,
	"ReceiveCoilName": "HeadNeck_64",
	"ReceiveCoilActiveElements": "HC1-7;NC1,2",
	"PulseSequenceDetails": "%SiemensSeq%\\ep2d_bold",
	"RefLinesPE": 12,
	"CoilCombinationMethod": "Sum of Squares",
	"ConsistencyInfo": "N4_VE11C_LATEST_20160120",
	"MultibandAccelerationFactor": 8,
	"PercentPhaseFOV": 100,
	"PercentSampling": 100,
	"EchoTrainLength": 128,
	"PhaseEncodingSteps": 128,
	"AcquisitionMatrixPE": 128,
	"ReconMatrixPE": 128,
	"BandwidthPerPixelPhaseEncode": 13.951,
	"EffectiveEchoSpacing": 0.000559996,
	"DerivedVendorReportedEchoSpacing": 0.000559996,
	"TotalReadoutTime": 0.0711195,
	"PixelBandwidth": 2440,
	"DwellTime": 1.6e-06,
	"PhaseEncodingDirection": "j-",
	"SliceTiming": [
		0.6925,
		0,
		0.495,
		0.0975,
		0.5925,
		0.295,
		0.79,
		0.395,
		0.89,
		0.1975,
		0.6925,
		0,
		0.495,
		0.0975,
		0.5925,
		0.295,
		0.79,
		0.395,
		0.89,
		0.1975,
		0.6925,
		0,
		0.495,
		0.0975,
		0.5925,
		0.295,
		0.79,
		0.395,
		0.89,
		0.1975,
		0.6925,
		0,
		0.495,
		0.0975,
		0.5925,
		0.295,
		0.79,
		0.395,
		0.89,
		0.1975,
		0.6925,
		0,
		0.495,
		0.0975,
		0.5925,
		0.295,
		0.79,
		0.395,
		0.89,
		0.1975,
		0.6925,
		0,
		0.495,
		0.0975,
		0.5925,
		0.295,
		0.79,
		0.395,
		0.89,
		0.1975,
		0.6925,
		0,
		0.495,
		0.0975,
		0.5925,
		0.295,
		0.79,
		0.395,
		0.89,
		0.1975,
		0.6925,
		0,
		0.495,
		0.0975,
		0.5925,
		0.295,
		0.79,
		0.395,
		0.89,
		0.1975	],
	"ImageOrientationPatientDICOM": [
		1,
		0,
		0,
		0,
		1,
		0	],
	"ImageOrientationText": "Tra",
	"InPlanePhaseEncodingDirectionDICOM": "COL",
	"ConversionSoftware": "dcm2niix",
	"ConversionSoftwareVersion": "v1.0.20211006"
}
