{
	"Modality": "MR",
	"MagneticFieldStrength": 3,
	"ImagingFrequency": 123.231,
	"Manufacturer": "Siemens",
	"ManufacturersModelName": "Prisma_fit",
	"InstitutionName": "Strong Memorial Hospital",
	"InstitutionalDepartmentName": "Department",
	"InstitutionAddress": "Elmwood Street 430,Rochester,Northeast,US,14620",
	"DeviceSerialNumber": "167029",
	"StationName": "MRC35067",
	"BodyPartExamined": "BRAIN",
	"PatientPosition": "HFS",
	"ProcedureStepDescription": "4727^brain",
	"SoftwareVersions": "syngo MR E11",
	"MRAcquisitionType": "2D",
	"SeriesDescription": "ep2d_diff_p2_s3_dti_1.5mmiso_A>P_b1000_FA",
	"ProtocolName": "ep2d_diff_p2_s3_dti_1.5mmiso_A>P_b1000",
	"ScanningSequence": "EP",
	"SequenceVariant": "SK\\SP",
	"ScanOptions": "PFP\\FS",
	"SequenceName": "*ep_b0_1000",
	"ImageType": ["DERIVED", "PRIMARY", "DIFFUSION", "FA", "ND", "NORM"],
	"RawImage": false,
	"SeriesNumber": 11,
	"AcquisitionTime": "10:50:10.767500",
	"AcquisitionNumber": 1,
	"SliceThickness": 1.5,
	"SpacingBetweenSlices": 1.5,
	"SAR": 0.286794,
	"EchoTime": 0.062,
	"RepetitionTime": 3.5,
	"SpoilingState": true,
	"FlipAngle": 90,
	"PartialFourier": 0.75,
	"BaseResolution": 172,
	"ShimSetting": [
		185,
		-3771,
		11811,
		340,
		1,
		-46,
		95,
		0	],
	"TxRefAmp": 211.271,
	"PhaseResolution": 1,
	"ReceiveCoilName": "HeadNeck_64",
	"ReceiveCoilActiveElements": "HC1-7;NC1,2",
	"PulseSequenceDetails": "%SiemensSeq%\\ep2d_diff",
	"RefLinesPE": 40,
	"CoilCombinationMethod": "Adaptive Combine",
	"ConsistencyInfo": "N4_VE11C_LATEST_20160120",
	"MultibandAccelerationFactor": 3,
	"PercentPhaseFOV": 100,
	"PercentSampling": 100,
	"EchoTrainLength": 64,
	"PhaseEncodingSteps": 128,
	"AcquisitionMatrixPE": 172,
	"ReconMatrixPE": 172,
	"BandwidthPerPixelPhaseEncode": 17.618,
	"ParallelReductionFactorInPlane": 2,
	"EffectiveEchoSpacing": 0.000330001,
	"DerivedVendorReportedEchoSpacing": 0.000660002,
	"TotalReadoutTime": 0.0564301,
	"PixelBandwidth": 1815,
	"DwellTime": 1.6e-06,
	"PhaseEncodingDirection": "j-",
	"ImageOrientationPatientDICOM": [
		1,
		0,
		0,
		0,
		1,
		0	],
	"ImageOrientationText": "Tra",
	"InPlanePhaseEncodingDirectionDICOM": "COL",
	"ConversionSoftware": "dcm2niix",
	"ConversionSoftwareVersion": "v1.0.20211006"
}
